GEM
  remote: http://rubygems.org/
  specs:
    hike (1.2.3)
    multi_json (1.14.1)
    rack (1.6.11)
    rake (10.4.2)
    sprockets (2.12.5)
      hike (~> 1.2)
      multi_json (~> 1.0)
      rack (~> 1.0)
      tilt (~> 1.1, != 1.3.0)
    tilt (1.4.1)

PLATFORMS
  ruby

DEPENDENCIES
  rake (~> 10.4.2)
  sprockets (~> 2.12.5)
