GEM
  remote: http://rubygems.org/
  specs:
    rake (12.3.3)
    sprockets (1.0.2)

PLATFORMS
  ruby

DEPENDENCIES
  rake (~> 12.3.3)
  sprockets (~> 1.0.2)
