GEM
  remote: http://rubygems.org/
  specs:
    sprockets (1.0.2)

PLATFORMS
  ruby

DEPENDENCIES
  sprockets (~> 1.0.2)
